PATH
  remote: .
  specs:
    brainfuck (0.2.0)
      parslet

GEM
  remote: http://rubygems.org/
  specs:
    blankslate (2.1.2.4)
    minitest (2.0.2)
    mocha (0.9.12)
    parslet (1.2.0)
      blankslate (~> 2.0)
    rake (0.9.2)

PLATFORMS
  java
  ruby

DEPENDENCIES
  brainfuck!
  minitest
  mocha
  rake
