PATH
  remote: .
  specs:
    brainfuck (0.1.2)
      highline
      parslet

GEM
  remote: http://rubygems.org/
  specs:
    blankslate (2.1.2.4)
    highline (1.6.1)
    minitest (2.0.2)
    mocha (0.9.12)
    parslet (1.2.0)
      blankslate (~> 2.0)
    simplecov (0.3.7)
      simplecov-html (>= 0.3.7)
    simplecov-html (0.3.9)

PLATFORMS
  java
  ruby

DEPENDENCIES
  brainfuck!
  minitest
  mocha
  simplecov
